GEM
  remote: https://rubygems.org/
  specs:
    byebug (11.0.1)
    sqlite3 (1.4.0)

PLATFORMS
  ruby

DEPENDENCIES
  byebug
  sqlite3

BUNDLED WITH
   2.0.1
