GEM
  remote: https://rubygems.org/
  specs:
    sqlite3 (1.4.0)

PLATFORMS
  ruby

DEPENDENCIES
  sqlite3

BUNDLED WITH
   2.0.1
