GEM
  remote: https://rubygems.org/
  specs:
    sqlite3 (1.4.0)
    sqlite3-ruby (1.3.3)
      sqlite3 (>= 1.3.3)

PLATFORMS
  ruby

DEPENDENCIES
  sqlite3
  sqlite3-ruby

BUNDLED WITH
   2.0.1
